PATH
  remote: .
  specs:
    js-cldr-timezones (0.0.2)

GEM
  remote: http://rubygems.org/
  specs:
    bump (0.3.9)
    diff-lcs (1.1.3)
    mustache (0.99.4)
    rake (10.0.3)
    rspec (2.12.0)
      rspec-core (~> 2.12.0)
      rspec-expectations (~> 2.12.0)
      rspec-mocks (~> 2.12.0)
    rspec-core (2.12.2)
    rspec-expectations (2.12.1)
      diff-lcs (~> 1.1.3)
    rspec-mocks (2.12.2)
    ruby-cldr-timezones (0.0.6)
      tzinfo
    tzinfo (0.3.35)

PLATFORMS
  ruby

DEPENDENCIES
  bump
  js-cldr-timezones!
  mustache
  rake
  rspec (~> 2)
  ruby-cldr-timezones (~> 0.0.6)
